GEM
  remote: https://rubygems.org/
  specs:
    polyglot (0.3.5)
    treetop (1.6.11)
      polyglot (~> 0.3)

PLATFORMS
  x86_64-linux

DEPENDENCIES
  treetop

RUBY VERSION
   ruby 3.0.0p0

BUNDLED WITH
   2.2.3
